GIT
  remote: https://github.com/samcrang/kitchen-vagrant.git
  revision: 16bf9534c097dc5af05f7c3c7cf1590f3a8b63d7
  branch: spike_cfengine
  specs:
    kitchen-vagrant (0.11.2.dev)
      test-kitchen (~> 1.0.0.beta.3)

GIT
  remote: https://github.com/samcrang/test-kitchen.git
  revision: 12e2e436d0b53861ff606fdf6c24def5af275f17
  branch: spike_cfengine
  specs:
    test-kitchen (1.0.0.dev)
      celluloid (~> 0.15)
      mixlib-shellout (~> 1.2)
      net-scp (~> 1.1)
      net-ssh (~> 2.7)
      pry (~> 0.9)
      safe_yaml (~> 0.9)
      thor (~> 0.18)

GEM
  remote: https://rubygems.org/
  specs:
    celluloid (0.15.2)
      timers (~> 1.1.0)
    coderay (1.0.9)
    method_source (0.8.2)
    mixlib-shellout (1.2.0)
    net-scp (1.1.2)
      net-ssh (>= 2.6.5)
    net-ssh (2.7.0)
    pry (0.9.12.2)
      coderay (~> 1.0.5)
      method_source (~> 0.8)
      slop (~> 3.4)
    safe_yaml (0.9.7)
    slop (3.4.6)
    thor (0.18.1)
    timers (1.1.0)

PLATFORMS
  ruby

DEPENDENCIES
  kitchen-vagrant!
  test-kitchen!
